PATH
  remote: .
  specs:
    rien (0.0.3)
      ruby-progressbar (~> 1.9)

GEM
  remote: https://rubygems.org/
  specs:
    ruby-progressbar (1.10.1)

PLATFORMS
  ruby

DEPENDENCIES
  rien!

BUNDLED WITH
   2.1.4
